GEM
  remote: https://rubygems.org/
  specs:
    daemons (1.1.9)
    eventmachine (1.0.3)
    eventmachine (1.0.3-java)
    rack (1.5.2)
    thin (1.6.0)
      daemons (>= 1.0.9)
      eventmachine (>= 1.0.0)
      rack (>= 1.5.0)

PLATFORMS
  java
  ruby

DEPENDENCIES
  rack
  thin
